PATH
  remote: .
  specs:
    rack_global_session (0.2)
      activesupport (~> 3.0.3)
      has_global_session (~> 1.1.3)
      i18n (~> 0.5.0)
      rack (~> 1.2)
      rack-contrib (~> 1.0.1)
      tzinfo

GEM
  remote: http://rubygems.org/
  specs:
    activesupport (3.0.3)
    flexmock (0.8.11)
    has_global_session (1.1.3)
      activesupport (>= 2.1.2)
      json (>= 1.1.7)
      uuidtools (>= 1.0.7)
    i18n (0.5.0)
    json (1.4.6)
    rack (1.2.1)
    rack-contrib (1.0.1)
      rack (>= 0.9.1)
    rspec (1.3.0)
    rtags (0.97)
    tzinfo (0.3.23)
    uuidtools (2.1.1)

PLATFORMS
  ruby

DEPENDENCIES
  activesupport (~> 3.0.3)
  flexmock (~> 0.8.11)
  has_global_session (~> 1.1.3)
  i18n (~> 0.5.0)
  rack (~> 1.2)
  rack-contrib (~> 1.0.1)
  rack_global_session!
  rspec (~> 1.3)
  rtags (~> 0.97)
  tzinfo
